GEM
  remote: http://rubygems.org/
  specs:
    callsite (0.0.11)
    coderay (1.0.5)
    diff-lcs (1.1.3)
    method_source (0.7.0)
    pry (0.9.8.2)
      coderay (~> 1.0.5)
      method_source (~> 0.7)
      slop (>= 2.4.4, < 3)
    rack (1.3.6)
    rake (0.9.2.2)
    renee (0.3.11)
      renee-core (= 0.3.11)
      renee-render (= 0.3.11)
    renee-core (0.3.11)
      rack (~> 1.3.0)
    renee-render (0.3.11)
      callsite (~> 0.0.6)
      rack (~> 1.3.0)
      renee-core (= 0.3.11)
      tilt (~> 1.3.3)
    rspec-core (2.8.0)
    rspec-expectations (2.8.0)
      diff-lcs (~> 1.1.2)
    rspec-mocks (2.8.0)
    slop (2.4.4)
    snmp (1.1.0)
    tilt (1.3.3)

PLATFORMS
  ruby

DEPENDENCIES
  pry (~> 0.9.8.2)
  rake
  renee (~> 0.3.11)
  rspec-core (~> 2.8.0)
  rspec-expectations (~> 2.8.0)
  rspec-mocks (~> 2.8.0)
  snmp (~> 1.1.0)
