GEM
  remote: http://rubygems.org/
  specs:
    callsite (0.0.11)
    diff-lcs (1.1.3)
    rack (1.3.6)
    renee (0.3.11)
      renee-core (= 0.3.11)
      renee-render (= 0.3.11)
    renee-core (0.3.11)
      rack (~> 1.3.0)
    renee-render (0.3.11)
      callsite (~> 0.0.6)
      rack (~> 1.3.0)
      renee-core (= 0.3.11)
      tilt (~> 1.3.3)
    rspec-core (2.8.0)
    rspec-expectations (2.8.0)
      diff-lcs (~> 1.1.2)
    rspec-mocks (2.8.0)
    snmp (1.1.0)
    tilt (1.3.3)

PLATFORMS
  ruby

DEPENDENCIES
  renee (~> 0.3.11)
  rspec-core (~> 2.8.0)
  rspec-expectations (~> 2.8.0)
  rspec-mocks (~> 2.8.0)
  snmp (~> 1.1.0)
